PATH
  remote: .
  specs:
    fastsheet (0.1.0)

GEM
  remote: https://rubygems.org/
  specs:
    coderay (1.1.2)
    method_source (0.8.2)
    pry (0.10.4)
      coderay (~> 1.1.0)
      method_source (~> 0.8.1)
      slop (~> 3.4)
    rake (13.0.1)
    slop (3.6.0)

PLATFORMS
  ruby

DEPENDENCIES
  fastsheet!
  pry (~> 0.10.4)
  rake (~> 13.0.1)

BUNDLED WITH
   1.15.4
